GIT
  remote: https://github.com/hone/ruby-git.git
  revision: 264836fcff3c037d8d8fc44bd770b150b46fdc4e
  branch: master
  specs:
    git (1.2.6)

GEM
  remote: https://rubygems.org/
  specs:
    activesupport (6.0.3.1)
      concurrent-ruby (~> 1.0, >= 1.0.2)
      i18n (>= 0.7, < 2)
      minitest (~> 5.1)
      tzinfo (~> 1.1)
      zeitwerk (~> 2.2, >= 2.2.2)
    concurrent-ruby (1.1.6)
    diff-lcs (1.3)
    erubis (2.7.0)
    excon (0.74.0)
    heroics (0.1.1)
      erubis (~> 2.0)
      excon
      moneta
      multi_json (>= 1.9.2)
    heroku_hatchet (6.0.0)
      excon (~> 0)
      platform-api (= 3.0.0.pre.1)
      repl_runner (~> 0.0.3)
      rrrretry (~> 1)
      thor (~> 0)
      threaded (~> 0)
    i18n (1.8.3)
      concurrent-ruby (~> 1.0)
    json (2.0.4)
    minitest (5.14.1)
    moneta (1.0.0)
    multi_json (1.14.1)
    netrc (0.11.0)
    parallel (1.19.1)
    parallel_tests (3.0.0)
      parallel
    platform-api (3.0.0.pre.1)
      heroics (~> 0.1.1)
      moneta (~> 1.0.0)
      rate_throttle_client (~> 0.1.0)
    rake (13.0.1)
    rate_throttle_client (0.1.2)
    repl_runner (0.0.3)
      activesupport
    rrrretry (1.0.0)
    rspec-core (3.9.2)
      rspec-support (~> 3.9.3)
    rspec-expectations (3.9.2)
      diff-lcs (>= 1.2.0, < 2.0)
      rspec-support (~> 3.9.0)
    rspec-retry (0.6.2)
      rspec-core (> 3.3)
    rspec-support (3.9.3)
    thor (0.20.3)
    thread_safe (0.3.6)
    threaded (0.0.4)
    tzinfo (1.2.7)
      thread_safe (~> 0.1)
    zeitwerk (2.3.0)

PLATFORMS
  ruby

DEPENDENCIES
  excon
  git!
  heroku_hatchet
  json (~> 2.0.2)
  netrc
  parallel_tests
  rake
  rspec-core
  rspec-expectations
  rspec-retry

BUNDLED WITH
   2.1.4
